PATH
  remote: .
  specs:
    rutorrent (0.0.1)
      json (~> 1.5.1)
      nokogiri (~> 1.4.4)

GEM
  remote: http://rubygems.org/
  specs:
    json (1.5.5)
    nokogiri (1.4.7)

PLATFORMS
  ruby

DEPENDENCIES
  bundler
  rutorrent!
